GEM
  remote: http://rubygems.org/
  specs:
    activesupport (2.3.8)
    bson (1.0.7)
    crack (0.1.8)
    jnunemaker-validatable (1.8.4)
      activesupport (>= 2.3.4)
    mongo (1.0.8)
      bson (>= 1.0.5)
    mongo_mapper (0.8.4)
      activesupport (>= 2.3.4)
      jnunemaker-validatable (~> 1.8.4)
      plucky (~> 0.3.5)
    pending (0.1.1)
    plucky (0.3.5)
      mongo (~> 1.0.8)
    rack (1.2.1)
    sinatra (1.0)
      rack (>= 1.0)
    tu-context (0.5.8)
    yard (0.5.8)

PLATFORMS
  ruby

DEPENDENCIES
  crack (>= 0.1.4)
  mongo_mapper (= 0.8.4)
  pending (>= 0.1.1)
  sinatra (>= 1.0)
  tu-context (>= 0.5.8)
  yard
