GEM
  remote: http://rubygems.org/
  specs:
    activesupport (2.3.8)
    bson (1.0.4)
    crack (0.1.8)
    frequency (0.1.5)
    jnunemaker-validatable (1.8.4)
      activesupport (>= 2.3.4)
    kronos (0.1.7)
    mongo (1.0.7)
      bson (>= 1.0.4)
    mongo_mapper (0.8.2)
      activesupport (>= 2.3.4)
      jnunemaker-validatable (~> 1.8.4)
      plucky (~> 0.3.1)
    pending (0.1.1)
    plucky (0.3.4)
      mongo (~> 1.0.7)
    polyglot (0.3.1)
    query_string_filter (0.1.6)
      treetop (>= 1.4.2)
    rack (1.2.1)
    rr (0.10.11)
    sinatra (1.0)
      rack (>= 1.0)
    timecop (0.3.5)
    treetop (1.4.8)
      polyglot (>= 0.3.1)
    tu-context (0.5.8)

PLATFORMS
  ruby

DEPENDENCIES
  activesupport (~> 2.3.8)
  crack (>= 0.1.4)
  frequency (>= 0.1.2, < 0.2.0)
  kronos (>= 0.1.6)
  mongo_mapper (= 0.8.2)
  pending (>= 0.1.1)
  query_string_filter (>= 0.1.4)
  rr (>= 0.10.11)
  sinatra (>= 1.0)
  timecop (>= 0.3.5)
  tu-context (>= 0.5.8)
