PATH
  remote: .
  specs:
    sinatra_resource (0.4.24)
      activesupport (~> 3.0.0)
      frequency (~> 0.1.5)
      i18n (~> 0.4.1)
      kronos (~> 0.1.7)
      mongo_mapper (~> 0.8.4)
      query_string_filter (~> 0.1.6)
      sinatra (~> 1.0.0)

GEM
  remote: http://rubygems.org/
  specs:
    activesupport (3.0.0)
    bson (1.0.9)
    crack (0.1.8)
    frequency (0.1.5)
    gemcutter (0.6.1)
    git (1.2.5)
    i18n (0.4.1)
    jeweler (1.4.0)
      gemcutter (>= 0.1.0)
      git (>= 1.2.5)
      rubyforge (>= 2.0.0)
    jnunemaker-validatable (1.8.4)
      activesupport (>= 2.3.4)
    json_pure (1.4.6)
    kronos (0.1.7)
    mongo (1.0.8)
      bson (>= 1.0.5)
    mongo_mapper (0.8.4)
      activesupport (>= 2.3.4)
      jnunemaker-validatable (~> 1.8.4)
      plucky (~> 0.3.5)
    pending (0.1.1)
    plucky (0.3.5)
      mongo (~> 1.0.8)
    polyglot (0.3.1)
    query_string_filter (0.1.6)
      treetop (>= 1.4.2)
    rack (1.2.1)
    rake (0.8.7)
    rcov (0.9.9)
    rr (1.0.0)
    rspec (1.3.0)
    rubyforge (2.0.4)
      json_pure (>= 1.1.7)
    sinatra (1.0)
      rack (>= 1.0)
    timecop (0.3.5)
    treetop (1.4.8)
      polyglot (>= 0.3.1)
    tu-context (0.5.8)
    yard (0.6.1)

PLATFORMS
  ruby

DEPENDENCIES
  activesupport (~> 3.0.0)
  crack (~> 0.1.4)
  frequency (~> 0.1.5)
  i18n (~> 0.4.1)
  jeweler (~> 1.4.0)
  kronos (~> 0.1.7)
  mongo_mapper (~> 0.8.4)
  pending (~> 0.1.1)
  query_string_filter (~> 0.1.6)
  rake (~> 0.8.7)
  rcov (~> 0.9.8)
  rr (~> 1.0.0)
  rspec (~> 1.3.0)
  sinatra (~> 1.0.0)
  sinatra_resource!
  timecop (~> 0.3.5)
  tu-context (~> 0.5.8)
  yard (~> 0.6.1)
